GEM
  remote: https://rubygems.org/
  specs:
    paint (0.9.0)
    rake (10.4.2)
    sqlite3 (1.3.9)

PLATFORMS
  ruby

DEPENDENCIES
  paint
  rake
  sqlite3 (= 1.3.9)
