GEM
  remote: https://rubygems.org/
  specs:
    paint (0.9.0)
    rake (10.4.2)

PLATFORMS
  ruby

DEPENDENCIES
  paint
  rake
